GEM
  remote: https://rubygems.org/
  specs:
    activesupport (5.1.4)
      concurrent-ruby (~> 1.0, >= 1.0.2)
      i18n (~> 0.7)
      minitest (~> 5.1)
      tzinfo (~> 1.1)
    alexa_verifier (1.0.0)
    chronic (0.10.2)
    coderay (1.1.2)
    colorize (0.8.1)
    concurrent-ruby (1.0.5)
    dotenv (2.2.1)
    httparty (0.15.6)
      multi_xml (>= 0.5.2)
    i18n (0.9.1)
      concurrent-ruby (~> 1.0)
    json (2.1.0)
    map (6.6.0)
    method_source (0.9.0)
    minitest (5.10.3)
    multi_xml (0.6.0)
    mustermann (1.0.2)
    newrelic_rpm (4.7.1.340)
    pry (0.11.3)
      coderay (~> 1.1.0)
      method_source (~> 0.9.0)
    puma (3.11.0)
    rack (2.0.5)
    rack-protection (2.0.3)
      rack
    sinatra (2.0.3)
      mustermann (~> 1.0)
      rack (~> 2.0)
      rack-protection (= 2.0.3)
      tilt (~> 2.0)
    thread_safe (0.3.6)
    tilt (2.0.8)
    tzinfo (1.2.4)
      thread_safe (~> 0.1)
    weather-api (1.4.0)
      chronic (~> 0.10.2)
      json
      map (~> 6.6.0)

PLATFORMS
  ruby

DEPENDENCIES
  activesupport
  alexa_verifier
  colorize
  dotenv
  httparty
  newrelic_rpm
  pry
  puma
  sinatra
  weather-api

RUBY VERSION
   ruby 2.3.5p376

BUNDLED WITH
   1.16.1
